GIT
  remote: git://github.com/sunlightlabs/lucene_query_parser.git
  revision: 8807aee6a74438f89d7396b21f52382b90edfca4
  specs:
    lucene_query_parser (0.0.1)
      parslet
      rainbow

GIT
  remote: git://github.com/sunlightlabs/phone.git
  revision: 3bd81f494bafaa3e19f3c4784d0f81158b38e9fb
  specs:
    phone (1.0)

GEM
  remote: https://rubygems.org/
  specs:
    activemodel (3.2.17)
      activesupport (= 3.2.17)
      builder (~> 3.0.0)
    activesupport (3.2.17)
      i18n (~> 0.6, >= 0.6.4)
      multi_json (~> 1.0)
    addressable (2.3.5)
    asset_sync (1.0.0)
      activemodel
      fog (>= 1.8.0)
    aws-sdk (1.31.3)
      json (~> 1.4)
      nokogiri (>= 1.4.4)
      uuidtools (~> 2.1)
    backports (3.4.0)
    bcrypt-ruby (3.1.2)
    big_sitemap (1.1.0)
    blankslate (2.1.2.4)
    builder (3.0.4)
    climate_control (0.0.3)
      activesupport (>= 3.0)
    cocaine (0.5.3)
      climate_control (>= 0.0.3, < 1.0)
    curb (0.8.5)
    escape_utils (1.0.0)
    eventmachine (1.0.3)
    excon (0.31.0)
    factory_girl (4.3.0)
      activesupport (>= 3.0.0)
    feedbag (0.9.2)
      hpricot (>= 0.6)
    feedzirra (0.2.0.rc1)
      curb (~> 0.8.0)
      gorillib (~> 0.1.9)
      loofah (~> 1.2.1)
      nokogiri (~> 1.5.2)
      sax-machine (~> 0.1.0)
    fog (1.19.0)
      builder
      excon (~> 0.31.0)
      formatador (~> 0.2.0)
      mime-types
      multi_json (~> 1.0)
      net-scp (~> 1.1)
      net-ssh (>= 2.1.3)
      nokogiri (~> 1.5)
      ruby-hmac
    formatador (0.2.4)
    gman (2.0.0)
      addressable
      public_suffix
      swot
    gorillib (0.1.11)
      json
    hpricot (0.8.6)
    http_router (0.11.1)
      rack (>= 1.0.0)
      url_mount (~> 0.2.1)
    httparty (0.12.0)
      json (~> 1.8)
      multi_xml (>= 0.5.2)
    i18n (0.6.9)
    json (1.8.1)
    jwt (0.1.8)
      multi_json (>= 1.5)
    kgio (2.8.1)
    loofah (1.2.1)
      nokogiri (>= 1.4.4)
    mail (2.4.4)
      i18n (>= 0.4.0)
      mime-types (~> 1.16)
      treetop (~> 1.4.8)
    mime-types (1.25.1)
    mongoid (3.1.6)
      activemodel (~> 3.2)
      moped (~> 1.4)
      origin (~> 1.0)
      tzinfo (~> 0.3.29)
    mongoid-paperclip (0.0.8)
      paperclip (>= 2.3.6)
    moped (1.5.2)
    multi_json (1.9.2)
    multi_xml (0.5.5)
    net-scp (1.1.2)
      net-ssh (>= 2.6.5)
    net-ssh (2.7.0)
    nokogiri (1.5.11)
    oj (2.5.3)
    origin (1.1.0)
    padrino-core (0.12.0)
      activesupport (>= 3.1)
      http_router (~> 0.11.0)
      rack-protection (>= 1.5.0)
      sinatra (~> 1.4.2)
      thor (~> 0.17.0)
      tilt (~> 1.4.1)
    padrino-helpers (0.12.0)
      i18n (~> 0.6, >= 0.6.7)
      padrino-core (= 0.12.0)
    paint (0.8.6)
    paperclip (3.5.2)
      activemodel (>= 3.0.0)
      activesupport (>= 3.0.0)
      cocaine (~> 0.5.3)
      mime-types
    parslet (1.5.0)
      blankslate (~> 2.0)
    polyglot (0.3.4)
    pony (1.8)
      mail (>= 2.0)
    postmark (0.9.19)
      json
      rake
    public_suffix (1.3.3)
    rack (1.5.2)
    rack-protection (1.5.2)
      rack
    rack-ssl (1.3.3)
      rack
    rack-test (0.6.2)
      rack (>= 1.0)
    rainbow (1.99.1)
    raindrops (0.12.0)
    rake (10.1.1)
    rinku (1.7.3)
    rspec-mocks (2.14.6)
    ruby-hmac (0.4.0)
    safe_yaml (1.0.0)
    sanitize (2.0.6)
      nokogiri (>= 1.4.4)
    sax-machine (0.1.0)
      nokogiri (> 0.0.0)
    sinatra (1.4.4)
      rack (~> 1.4)
      rack-protection (~> 1.4)
      tilt (~> 1.3, >= 1.3.4)
    sinatra-contrib (1.4.0)
      backports (>= 2.0)
      eventmachine
      rack-protection
      rack-test
      sinatra (~> 1.4.2)
      tilt (~> 1.3)
    sinatra-flash (0.3.0)
      sinatra (>= 1.0.0)
    swot (0.2.13)
      public_suffix
    thor (0.17.0)
    tilt (1.4.1)
    timecop (0.7.1)
    treetop (1.4.15)
      polyglot
      polyglot (>= 0.3.1)
    twilio-rb (2.2.0)
      activesupport (>= 3.0.0)
      builder (>= 2.1.2)
      httparty (>= 0.6.1)
      i18n (~> 0.5)
      jwt (>= 0.1.3)
    tzinfo (0.3.39)
    unf (0.1.3)
      unf_ext
    unf_ext (0.0.6)
    unicorn (4.7.0)
      kgio (~> 2.6)
      rack
      raindrops (~> 0.7)
    url_mount (0.2.1)
      rack
    uuidtools (2.1.4)
    wirb (1.0.2)
      paint

PLATFORMS
  ruby

DEPENDENCIES
  asset_sync
  aws-sdk
  bcrypt-ruby
  big_sitemap
  curb
  escape_utils
  factory_girl
  feedbag
  feedzirra (= 0.2.0.rc1)
  gman
  lucene_query_parser!
  mail (~> 2.4.4)
  mongoid (~> 3.1)
  mongoid-paperclip
  multi_json
  oj
  padrino-helpers (~> 0.11)
  paint
  phone!
  pony (~> 1.4)
  postmark (~> 0.9.10)
  rack (~> 1.5)
  rack-ssl
  rack-test
  rake
  rinku
  rspec-mocks (~> 2.14)
  ruby-hmac
  safe_yaml
  sanitize
  sinatra (~> 1.4)
  sinatra-contrib (~> 1.4)
  sinatra-flash (~> 0.3)
  swot
  timecop (~> 0.7)
  twilio-rb (= 2.2.0)
  unf
  unicorn
  wirb
